PATH
  remote: .
  specs:
    sweet-kit (0.4.0)
      motion-kit (~> 0.17.0)
      sugarcube

GEM
  remote: https://rubygems.org/
  specs:
    dbt (1.1.5)
    motion-kit (0.17.0)
      dbt (~> 1.1.5)
    sugarcube (3.3.2)

PLATFORMS
  ruby

DEPENDENCIES
  sweet-kit!
