PATH
  remote: .
  specs:
    sweet-kit (0.4.0)
      motion-kit
      sugarcube

GEM
  remote: https://rubygems.org/
  specs:
    dbt (1.1.5)
    motion-kit (0.10.11)
      dbt (~> 1.1.5)
    sugarcube (2.0.0)

PLATFORMS
  ruby

DEPENDENCIES
  sweet-kit!
